GEM
  remote: http://rubygems.org/
  specs:
    addressable (2.5.2)
      public_suffix (>= 2.0.2, < 4.0)
    builder (3.2.3)
    descendants_tracker (0.0.4)
      thread_safe (~> 0.3, >= 0.3.1)
    diff-lcs (1.3)
    faraday (0.9.2)
      multipart-post (>= 1.2, < 3)
    git (1.3.0)
    github_api (0.11.3)
      addressable (~> 2.3)
      descendants_tracker (~> 0.0.1)
      faraday (~> 0.8, < 0.10)
      hashie (>= 1.2)
      multi_json (>= 1.7.5, < 2.0)
      nokogiri (~> 1.6.0)
      oauth2
    hashie (3.5.6)
    highline (1.7.10)
    httpauth (0.2.1)
    httpclient (2.8.3)
    jeweler (2.3.5)
      builder
      bundler (>= 1.0)
      git (>= 1.2.5)
      github_api (~> 0.11.0)
      highline (>= 1.6.15)
      nokogiri (>= 1.5.10)
      psych (~> 2.2)
      rake
      rdoc
      semver2
    json (2.1.0)
    jwt (2.1.0)
    mini_portile2 (2.1.0)
    multi_json (1.12.2)
    multipart-post (2.0.0)
    nokogiri (1.6.8.1)
      mini_portile2 (~> 2.1.0)
    oauth2 (0.7.1)
      faraday (~> 0.8)
      httpauth (~> 0.1)
      multi_json (~> 1.0)
      rack (~> 1.4)
    psych (2.2.4)
    public_suffix (3.0.1)
    rack (1.6.8)
    rake (12.3.0)
    rdoc (6.0.0)
    rspec (3.7.0)
      rspec-core (~> 3.7.0)
      rspec-expectations (~> 3.7.0)
      rspec-mocks (~> 3.7.0)
    rspec-core (3.7.0)
      rspec-support (~> 3.7.0)
    rspec-expectations (3.7.0)
      diff-lcs (>= 1.2.0, < 2.0)
      rspec-support (~> 3.7.0)
    rspec-mocks (3.7.0)
      diff-lcs (>= 1.2.0, < 2.0)
      rspec-support (~> 3.7.0)
    rspec-support (3.7.0)
    semver2 (3.4.2)
    thread_safe (0.3.6)

PLATFORMS
  ruby

DEPENDENCIES
  httpclient
  jeweler
  json
  jwt
  rake
  rdoc
  rspec

BUNDLED WITH
   1.16.0
